GIT
  remote: https://github.com/prawnpdf/prawn.git
  revision: 2f56ac32f4a2761e727994216d30f24c45733349
  specs:
    prawn (1.0.0.rc1)
      pdf-reader (>= 0.9.0, < 2.0)
      ttfunk (~> 1.0.3)

GEM
  remote: http://rubygems.org/
  specs:
    Ascii85 (1.0.2)
    aasm (3.0.13)
    actionmailer (3.2.19)
      actionpack (= 3.2.19)
      mail (~> 2.5.4)
    actionpack (3.2.19)
      activemodel (= 3.2.19)
      activesupport (= 3.2.19)
      builder (~> 3.0.0)
      erubis (~> 2.7.0)
      journey (~> 1.0.4)
      rack (~> 1.4.5)
      rack-cache (~> 1.2)
      rack-test (~> 0.6.1)
      sprockets (~> 2.2.1)
    activemodel (3.2.19)
      activesupport (= 3.2.19)
      builder (~> 3.0.0)
    activerecord (3.2.19)
      activemodel (= 3.2.19)
      activesupport (= 3.2.19)
      arel (~> 3.0.2)
      tzinfo (~> 0.3.29)
    activerecord-sqlserver-adapter (3.2.9)
      activerecord (~> 3.2.0)
    activeresource (3.2.19)
      activemodel (= 3.2.19)
      activesupport (= 3.2.19)
    activesupport (3.2.19)
      i18n (~> 0.6, >= 0.6.4)
      multi_json (~> 1.0)
    acts-as-taggable-on (2.4.1)
      rails (>= 3, < 5)
    arel (3.0.3)
    autocompletion (0.0.3)
    bcrypt-ruby (3.0.1)
    builder (3.0.4)
    cancan (1.6.8)
    cap-recipes (0.3.39)
    capistrano (2.14.2)
      highline
      net-scp (>= 1.0.0)
      net-sftp (>= 2.0.0)
      net-ssh (>= 2.0.14)
      net-ssh-gateway (>= 1.1.0)
    capistrano-ext (1.2.1)
      capistrano (>= 1.0.0)
    capistrano_colors (0.5.5)
    capones_recipes (1.18.0)
      cap-recipes
      capistrano
      capistrano-ext
      capistrano_colors
    carrierwave (0.7.0)
      activemodel (>= 3.2.0)
      activesupport (>= 3.2.0)
    coderay (1.1.0)
    coffee-rails (3.2.2)
      coffee-script (>= 2.2.0)
      railties (~> 3.2.0)
    coffee-script (2.2.0)
      coffee-script-source
      execjs
    coffee-script-source (1.4.0)
    columnize (0.3.6)
    commonjs (0.2.6)
    csv-mapper (0.5.1)
      fastercsv
    cucumber (1.2.1)
      builder (>= 2.1.2)
      diff-lcs (>= 1.1.3)
      gherkin (~> 2.11.0)
      json (>= 1.4.6)
    cupsffi (0.1.1)
    debugger (1.6.5)
      columnize (>= 0.3.1)
      debugger-linecache (~> 1.2.0)
      debugger-ruby_core_source (~> 1.3.1)
    debugger-linecache (1.2.0)
    debugger-ruby_core_source (1.3.1)
    devise (2.1.2)
      bcrypt-ruby (~> 3.0)
      orm_adapter (~> 0.1)
      railties (~> 3.1)
      warden (~> 1.2.1)
    diff-lcs (1.1.3)
    erubis (2.7.0)
    execjs (1.4.0)
      multi_json (~> 1.0)
    fastercsv (1.5.5)
    ffi (1.9.3)
    formtastic (2.2.1)
      actionpack (>= 3.0)
    gherkin (2.11.5)
      json (>= 1.4.6)
    haml (4.0.4)
      tilt
    has_accounts (1.1.1)
      acts-as-taggable-on
      has_vcards
      inherited_resources
      rails (~> 3.1)
      validates_timeliness
    has_accounts_engine (1.1.0)
      acts-as-taggable-on
      has_accounts (>= 1.0.2)
      has_vcards
      i18n_rails_helpers
      inherited_resources
      rails (~> 3.1)
      validates_timeliness
    has_scope (0.5.1)
    has_vcards (0.20.3)
      i18n_rails_helpers
      inherited_resources
      rails (~> 3.0)
      simple_form
    hashery (2.0.1)
    highline (1.6.15)
    hike (1.2.3)
    i18n (0.6.11)
    i18n_rails_helpers (1.3.0)
    in_place_editing (1.2.0)
    inherited_resources (1.4.0)
      has_scope (~> 0.5.0)
      responders (~> 0.9)
    journey (1.0.4)
    jquery-rails (2.1.3)
      railties (>= 3.1.0, < 5.0)
      thor (~> 0.14)
    json (1.8.1)
    kaminari (0.14.1)
      actionpack (>= 3.0.0)
      activesupport (>= 3.0.0)
    kgio (2.7.4)
    ledermann-rails-settings (1.2.0)
      activerecord (>= 2.3)
    less (2.2.2)
      commonjs (~> 0.2.6)
    less-rails (2.2.6)
      actionpack (>= 3.1)
      less (~> 2.2.0)
    libv8 (3.3.10.4)
    lyb_devise_admin (0.3.5)
    lyb_sidebar (0.1.1)
      rails (~> 3.1)
    mail (2.5.4)
      mime-types (~> 1.16)
      treetop (~> 1.4.8)
    method_source (0.8.2)
    mime-types (1.25.1)
    multi_json (1.10.1)
    mysql2 (0.3.11)
    net-scp (1.1.0)
      net-ssh (>= 2.6.5)
    net-sftp (2.1.1)
      net-ssh (>= 2.6.5)
    net-ssh (2.6.5)
    net-ssh-gateway (1.2.0)
      net-ssh (>= 2.6.5)
    nokogiri (1.5.6)
    orm_adapter (0.4.0)
    pdf-reader (1.2.0)
      Ascii85 (~> 1.0.0)
      hashery (~> 2.0)
      ruby-rc4
    polyglot (0.3.5)
    prawnto (0.1.1)
      prawn
      rails (>= 2.1)
    pry (0.9.12.6)
      coderay (~> 1.0)
      method_source (~> 0.8)
      slop (~> 3.4)
    pry-debugger (0.2.2)
      debugger (~> 1.3)
      pry (~> 0.9.10)
    pry-doc (0.5.1)
      pry (>= 0.9)
      yard (>= 0.8)
    pry-rails (0.3.2)
      pry (>= 0.9.10)
    rack (1.4.5)
    rack-cache (1.2)
      rack (>= 0.4)
    rack-ssl (1.3.4)
      rack
    rack-test (0.6.2)
      rack (>= 1.0)
    rails (3.2.19)
      actionmailer (= 3.2.19)
      actionpack (= 3.2.19)
      activerecord (= 3.2.19)
      activeresource (= 3.2.19)
      activesupport (= 3.2.19)
      bundler (~> 1.0)
      railties (= 3.2.19)
    railties (3.2.19)
      actionpack (= 3.2.19)
      activesupport (= 3.2.19)
      rack-ssl (~> 1.3.2)
      rake (>= 0.8.7)
      rdoc (~> 3.4)
      thor (>= 0.14.6, < 2.0)
    raindrops (0.10.0)
    rake (10.3.2)
    rdoc (3.12.2)
      json (~> 1.4)
    responders (0.9.3)
      railties (~> 3.1)
    riddle (1.5.3)
    routing-filter (0.3.1)
      actionpack
    ruby-rc4 (0.1.5)
    rubyzip (0.9.9)
    sass (3.2.12)
    select2-rails (3.2.1)
      thor (~> 0.14)
    show_for (0.2.5)
      actionpack (~> 3.0)
      activemodel (~> 3.0)
    simple-navigation (3.9.0)
      activesupport (>= 2.3.2)
    simple_form (2.1.1)
      actionpack (~> 3.0)
      activemodel (~> 3.0)
    slop (3.4.7)
    sprockets (2.2.2)
      hike (~> 1.2)
      multi_json (~> 1.0)
      rack (~> 1.0)
      tilt (~> 1.1, != 1.3.0)
    sqlite3 (1.3.6)
    swissmatch (0.0.3)
      swissmatch-directories
      swissmatch-location
      swissmatch-rails
      swissmatch-street
    swissmatch-directories (0.0.1)
      nokogiri (>= 1.5.0)
    swissmatch-location (0.0.1.201208)
      autocompletion (>= 0.0.2)
      rubyzip
    swissmatch-rails (0.0.3)
    swissmatch-street (0.0.1)
    therubyracer (0.10.2)
      libv8 (~> 3.3.10)
    thinking-sphinx (2.0.13)
      activerecord (>= 3.0.3)
      builder (>= 2.1.2)
      riddle (>= 1.5.3)
    thor (0.19.1)
    tilt (1.4.1)
    timeliness (0.3.7)
    treetop (1.4.15)
      polyglot
      polyglot (>= 0.3.1)
    ttfunk (1.0.3)
    twitter-bootstrap-rails (2.2.0)
      actionpack (>= 3.1)
      execjs
      railties (>= 3.1)
    tzinfo (0.3.41)
    uglifier (1.3.0)
      execjs (>= 0.3.0)
      multi_json (~> 1.0, >= 1.0.2)
    unicode_utils (1.4.0)
    unicorn (4.3.1)
      kgio (~> 2.6)
      rack
      raindrops (~> 0.7)
    use_db (0.2.0)
    validates_timeliness (3.0.14)
      timeliness (~> 0.3.6)
    vesr (0.13.0)
    warden (1.2.1)
      rack (>= 1.0)
    yard (0.8.7.3)

PLATFORMS
  ruby

DEPENDENCIES
  aasm
  activerecord-sqlserver-adapter
  acts-as-taggable-on
  autocompletion
  cancan
  capones_recipes
  carrierwave
  coffee-rails
  csv-mapper
  cucumber
  cupsffi
  devise
  fastercsv
  ffi
  formtastic
  haml
  has_accounts
  has_accounts_engine
  has_scope
  has_vcards
  i18n_rails_helpers
  in_place_editing
  inherited_resources
  jquery-rails
  kaminari
  ledermann-rails-settings
  less-rails
  lyb_devise_admin
  lyb_sidebar
  mysql2
  nokogiri
  prawn!
  prawnto
  pry-debugger
  pry-doc
  pry-rails
  rails
  rdoc
  routing-filter
  sass
  select2-rails
  show_for
  simple-navigation
  simple_form
  sqlite3
  swissmatch
  therubyracer
  thinking-sphinx
  twitter-bootstrap-rails
  uglifier
  unicode_utils
  unicorn
  use_db
  validates_timeliness
  vesr
